GENERATE-LOAD-SCRIPTS: ON
STORAGE: NONE
RESTRICTION: == netstandard2.0
NUGET
  remote: https://www.nuget.org/api/v2
    Fable.Core (3.0.0-beta-005)
      FSharp.Core (>= 4.5.2)
    Fable.Elmish (3.0.0-beta-6)
      Fable.Core (>= 3.0.0-beta-004)
      FSharp.Core (>= 4.6.2)
    FSharp.Core (4.6.2) - content: none, redirects: force
    Thoth.Json (3.0.0-beta-003)
      Fable.Core (>= 3.0.0-beta-004)
      FSharp.Core (>= 4.6.2)

GROUP Build
RESTRICTION: == net46
NUGET
  remote: https://www.nuget.org/api/v2
    FAKE (5.8.4)
    FSharp.Compiler.Service (2.0.0.6)
    FSharp.Core (4.5.4) - content: none, redirects: force
    FSharp.Formatting (2.14.4)
      FSharp.Compiler.Service (2.0.0.6)
      FSharpVSPowerTools.Core (>= 2.3 < 2.4)
    FSharpVSPowerTools.Core (2.3)
      FSharp.Compiler.Service (>= 2.0.0.3)
    Octokit (0.32)
GITHUB
  remote: fsharp/FAKE
    modules/Octokit/Octokit.fsx (457ae4cfb9bb4a39f0eb1352140584d7d04ebe5d)
      Octokit (>= 0.20)